PATH
  remote: .
  specs:
    to-do-cmd (0.0.1)
      gli (~> 2.21.0)

GEM
  remote: https://rubygems.org/
  specs:
    diff-lcs (1.5.0)
    gli (2.21.0)
    rake (0.9.6)
    rdoc (4.3.0)
    rspec (3.12.0)
      rspec-core (~> 3.12.0)
      rspec-expectations (~> 3.12.0)
      rspec-mocks (~> 3.12.0)
    rspec-core (3.12.0)
      rspec-support (~> 3.12.0)
    rspec-expectations (3.12.1)
      diff-lcs (>= 1.2.0, < 2.0)
      rspec-support (~> 3.12.0)
    rspec-mocks (3.12.1)
      diff-lcs (>= 1.2.0, < 2.0)
      rspec-support (~> 3.12.0)
    rspec-support (3.12.0)

PLATFORMS
  x86_64-linux

DEPENDENCIES
  rake (~> 0.9.2)
  rdoc (~> 4.3)
  rspec
  to-do-cmd!

BUNDLED WITH
   2.2.22
